GEM
  remote: http://rubygems.org/
  specs:
    addressable (2.2.6)
    crack (0.1.8)
    diff-lcs (1.1.2)
    git (1.2.5)
    haml (3.1.3)
    jeweler (1.6.2)
      bundler (~> 1.0)
      git (>= 1.2.5)
      rake
    json (1.4.6)
    nokogiri (1.4.4)
    rack (1.3.4)
    rack-protection (1.1.4)
      rack
    rake (0.9.2)
    rcov (0.9.11)
    rspec (2.6.0)
      rspec-core (~> 2.6.0)
      rspec-expectations (~> 2.6.0)
      rspec-mocks (~> 2.6.0)
    rspec-core (2.6.4)
    rspec-expectations (2.6.0)
      diff-lcs (~> 1.1.2)
    rspec-mocks (2.6.0)
    sinatra (1.3.1)
      rack (>= 1.3.4, ~> 1.3)
      rack-protection (>= 1.1.2, ~> 1.1)
      tilt (>= 1.3.3, ~> 1.3)
    tilt (1.3.3)
    webmock (1.7.4)
      addressable (> 2.2.5, ~> 2.2)
      crack (>= 0.1.7)

PLATFORMS
  ruby

DEPENDENCIES
  bundler (~> 1.0.0)
  haml (>= 3.1.3)
  jeweler (~> 1.6.2)
  json (>= 1.4.6)
  nokogiri (>= 1.4.4)
  rack (>= 1.3.4)
  rcov (>= 0.9.11)
  rspec (~> 2.6.0)
  sinatra (>= 1.3.1)
  webmock (>= 1.7.4)
